GEM
  remote: http://rubygems.org/
  specs:
    activesupport (3.0.7)
    backports (2.2.1)
    blather (0.5.0)
      activesupport (>= 3.0.7)
      eventmachine (~> 0.12.6)
      minitest (>= 1.7.1)
      nokogiri (>= 1.4.0)
    em-hiredis (0.1.0)
      hiredis (~> 0.3.0)
    em-synchrony (0.2.0)
      eventmachine (>= 0.12.9)
    eventmachine (0.12.10)
    hiredis (0.3.2)
    minitest (2.2.2)
    monkey-lib (0.5.4)
      backports
    nokogiri (1.4.4)
    rack (1.3.0)
    redis (2.2.0)
    sinatra (1.2.6)
      rack (~> 1.1)
      tilt (>= 1.2.2, < 2.0)
    sinatra-advanced-routes (0.5.1)
      monkey-lib (~> 0.5.0)
      sinatra (~> 1.0)
      sinatra-sugar (~> 0.5.0)
    sinatra-reloader (0.5.0)
      sinatra (~> 1.0)
      sinatra-advanced-routes (~> 0.5.0)
    sinatra-sugar (0.5.1)
      monkey-lib (~> 0.5.0)
      sinatra (~> 1.0)
    tilt (1.3.2)

PLATFORMS
  ruby

DEPENDENCIES
  blather
  em-hiredis
  em-synchrony
  eventmachine (>= 0.12.10)
  redis (~> 2.2.0)
  sinatra
  sinatra-reloader
