GEM
  remote: http://rubygems.org/
  specs:
    activesupport (3.0.7)
    blather (0.5.0)
      activesupport (>= 3.0.7)
      eventmachine (~> 0.12.6)
      minitest (>= 1.7.1)
      nokogiri (>= 1.4.0)
    diff-lcs (1.1.2)
    em-hiredis (0.1.0)
      hiredis (~> 0.3.0)
    em-synchrony (0.2.0)
      eventmachine (>= 0.12.9)
    eventmachine (0.12.10)
    hashie (1.0.0)
    hiredis (0.3.2)
    minitest (2.2.2)
    nokogiri (1.4.4)
    rack (1.3.0)
    redis (2.2.0)
    rspec (2.6.0)
      rspec-core (~> 2.6.0)
      rspec-expectations (~> 2.6.0)
      rspec-mocks (~> 2.6.0)
    rspec-core (2.6.4)
    rspec-expectations (2.6.0)
      diff-lcs (~> 1.1.2)
    rspec-mocks (2.6.0)
    sinatra (1.2.6)
      rack (~> 1.1)
      tilt (>= 1.2.2, < 2.0)
    tilt (1.3.2)

PLATFORMS
  ruby

DEPENDENCIES
  blather
  em-hiredis
  em-synchrony
  eventmachine (>= 0.12.10)
  hashie
  redis (~> 2.2.0)
  rspec
  rspec-core
  sinatra
  tilt
